GEM
  remote: https://rubygems.org/
  specs:
    async (2.3.1)
      console (~> 1.10)
      io-event (~> 1.1)
      timers (~> 4.1)
    async-http (0.59.4)
      async (>= 1.25)
      async-io (>= 1.28)
      async-pool (>= 0.2)
      protocol-http (~> 0.23.1)
      protocol-http1 (~> 0.14.0)
      protocol-http2 (~> 0.14.0)
      traces (>= 0.8.0)
    async-io (1.34.1)
      async
    async-pool (0.3.12)
      async (>= 1.25)
    async-websocket (0.22.1)
      async-http (~> 0.54)
      async-io (~> 1.23)
      protocol-rack (~> 0.1)
      protocol-websocket (~> 0.9.1)
    console (1.16.2)
      fiber-local
    digest (3.1.1)
    dotenv (2.8.1)
    fiber-local (1.0.0)
    io-event (1.1.6)
    minitest (5.17.0)
    protocol-hpack (1.4.2)
    protocol-http (0.23.12)
    protocol-http1 (0.14.6)
      protocol-http (~> 0.22)
    protocol-http2 (0.14.2)
      protocol-hpack (~> 1.4)
      protocol-http (~> 0.18)
    protocol-rack (0.2.4)
      protocol-http (~> 0.23)
      rack (>= 1.0)
    protocol-websocket (0.9.1)
      protocol-http (~> 0.2)
      protocol-http1 (~> 0.2)
    rack (3.0.3)
    timers (4.3.5)
    traces (0.8.0)
    uri (0.12.0)

PLATFORMS
  x86_64-linux

DEPENDENCIES
  async
  async-http
  async-websocket
  digest
  dotenv
  minitest
  uri

BUNDLED WITH
   2.3.26
